PATH
  remote: .
  specs:
    tiny_gltf (2.5.0.4)

GEM
  remote: https://rubygems.org/
  specs:
    github-markup (4.0.0)
    minitest (5.15.0)
    rake (13.0.6)
    rake-compiler (1.1.9)
      rake
    redcarpet (3.5.1)
    yard (0.9.35)

PLATFORMS
  ruby

DEPENDENCIES
  bundler (>= 2.1.0)
  github-markup
  minitest (~> 5.0)
  rake (~> 13.0)
  rake-compiler
  redcarpet
  tiny_gltf!
  yard (~> 0.9)

BUNDLED WITH
   2.2.0.rc.1
